PATH
  remote: .
  specs:
    joplin (0.5.2)
      faraday (~> 1.0)

GEM
  remote: https://rubygems.org/
  specs:
    diff-lcs (1.5.0)
    faraday (1.0.1)
      multipart-post (>= 1.2, < 3)
    multipart-post (2.1.1)
    rake (13.0.6)
    rspec (3.11.0)
      rspec-core (~> 3.11.0)
      rspec-expectations (~> 3.11.0)
      rspec-mocks (~> 3.11.0)
    rspec-core (3.11.0)
      rspec-support (~> 3.11.0)
    rspec-expectations (3.11.0)
      diff-lcs (>= 1.2.0, < 2.0)
      rspec-support (~> 3.11.0)
    rspec-mocks (3.11.0)
      diff-lcs (>= 1.2.0, < 2.0)
      rspec-support (~> 3.11.0)
    rspec-support (3.11.0)
    sqlite3 (1.4.2)
    thor (1.2.1)

PLATFORMS
  ruby

DEPENDENCIES
  bundler (~> 2.0)
  faraday (~> 1.0)
  joplin!
  rake (~> 13.0)
  rspec (~> 3.0)
  sqlite3 (~> 1.4)
  thor (~> 1.0)

BUNDLED WITH
   2.0.1
